GEM
  remote: https://rubygems.org/
  specs:
    commander (4.2.0)
      highline (~> 1.6.11)
    daemons (1.1.9)
    eventmachine (1.0.3)
    highline (1.6.21)
    houston (2.1.0)
      commander (~> 4.1)
      json
    json (1.8.1)
    rack (1.5.2)
    rack-protection (1.5.3)
      rack
    sequel (4.11.0)
    sinatra (1.4.5)
      rack (~> 1.4)
      rack-protection (~> 1.4)
      tilt (~> 1.3, >= 1.3.4)
    sqlite3 (1.3.9)
    thin (1.6.2)
      daemons (>= 1.0.9)
      eventmachine (>= 1.0.0)
      rack (>= 1.0.0)
    tilt (1.4.1)

PLATFORMS
  ruby

DEPENDENCIES
  houston
  sequel
  sinatra
  sqlite3
  thin
